GEM
  remote: https://rubygems.org/
  specs:
    dalli (2.7.0)
    kgio (2.8.0)
    mini_portile (0.5.2)
    mustermann (2.0.2)
      ruby2_keywords (~> 0.0.1)
    nokogiri (1.6.1)
      mini_portile (~> 0.5.0)
    rack (2.2.4)
    rack-protection (2.2.3)
      rack
    raindrops (0.10.0)
    ruby2_keywords (0.0.5)
    sass (3.2.13)
    sinatra (2.2.3)
      mustermann (~> 2.0)
      rack (~> 2.2)
      rack-protection (= 2.2.3)
      tilt (~> 2.0)
    tilt (2.0.11)
    unicorn (4.6.2)
      kgio (~> 2.6)
      rack
      raindrops (~> 0.7)

PLATFORMS
  ruby

DEPENDENCIES
  dalli
  nokogiri
  sass
  sinatra
  unicorn
